GEM
  remote: https://rubygems.org/
  specs:
    rack (1.6.1)
    sprockets (3.2.0)
      rack (~> 1.0)

PLATFORMS
  ruby

DEPENDENCIES
  sprockets
